GEM
  remote: https://rubygems.org/
  specs:
    ffi (1.15.5)
    ruby-vips (2.1.4)
      ffi (~> 1.12)

PLATFORMS
  x86_64-darwin-21

DEPENDENCIES
  ruby-vips

BUNDLED WITH
   2.3.12
