GIT
  remote: https://github.com/nyu-dss/apertiiif.git
  revision: 6971d5afccfa0d16ce129da8e89a989ef6fa461f
  specs:
    apertiiif (0.1.0)
      iiif-presentation
      mimemagic
      parallel
      progress_bar
      rainbow
      ruby-vips
      safe_yaml
      thor

GEM
  remote: https://rubygems.org/
  specs:
    activesupport (7.0.3.1)
      concurrent-ruby (~> 1.0, >= 1.0.2)
      i18n (>= 1.6, < 2)
      minitest (>= 5.1)
      tzinfo (~> 2.0)
    concurrent-ruby (1.1.10)
    faraday (2.3.0)
      faraday-net_http (~> 2.0)
      ruby2_keywords (>= 0.0.4)
    faraday-net_http (2.0.3)
    ffi (1.15.5)
    highline (2.0.3)
    i18n (1.12.0)
      concurrent-ruby (~> 1.0)
    iiif-presentation (1.0.0)
      activesupport (>= 3.2.18)
      faraday (>= 0.9)
      json
    json (2.6.2)
    mimemagic (0.4.3)
      nokogiri (~> 1)
      rake
    minitest (5.16.2)
    nokogiri (1.13.7-x86_64-darwin)
      racc (~> 1.4)
    nokogiri (1.13.7-x86_64-linux)
      racc (~> 1.4)
    options (2.3.2)
    parallel (1.22.1)
    progress_bar (1.3.3)
      highline (>= 1.6, < 3)
      options (~> 2.3.0)
    racc (1.6.0)
    rainbow (3.1.1)
    rake (13.0.6)
    ruby-vips (2.1.4)
      ffi (~> 1.12)
    ruby2_keywords (0.0.5)
    safe_yaml (1.0.5)
    thor (1.2.1)
    tzinfo (2.0.4)
      concurrent-ruby (~> 1.0)

PLATFORMS
  x86_64-darwin-21
  x86_64-linux

DEPENDENCIES
  apertiiif!

BUNDLED WITH
   2.3.12
